PATH
  remote: .
  specs:
    omniauth-uaa-oauth2 (0.0.3)
      cf-uaa-lib
      cf-uaa-lib
      omniauth (~> 1.0)

GEM
  remote: http://rubygems.org/
  specs:
    cf-uaa-lib (1.3.7)
      multi_json
    diff-lcs (1.1.3)
    hashie (1.2.0)
    multi_json (1.6.0)
    omniauth (1.1.2)
      hashie (~> 1.2)
      rack
    rack (1.4.1)
    rack-protection (1.2.0)
      rack
    rake (0.9.2.2)
    rspec (2.6.0)
      rspec-core (~> 2.6.0)
      rspec-expectations (~> 2.6.0)
      rspec-mocks (~> 2.6.0)
    rspec-core (2.6.4)
    rspec-expectations (2.6.0)
      diff-lcs (~> 1.1.2)
    rspec-mocks (2.6.0)
    sinatra (1.3.3)
      rack (~> 1.3, >= 1.3.6)
      rack-protection (~> 1.2)
      tilt (~> 1.3, >= 1.3.3)
    tilt (1.3.3)

PLATFORMS
  ruby

DEPENDENCIES
  cf-uaa-lib (~> 1.3.7)
  omniauth-uaa-oauth2!
  rake
  rspec (~> 2.6.0)
  sinatra
